PATH
  remote: .
  specs:
    meggy (0.1)
      megam_api
      mixlib-cli
      mixlib-config
      mixlib-log
      randexp
      rubyzip

GEM
  remote: http://rubygems.org/
  specs:
    diff-lcs (1.2.5)
    excon (0.41.0)
    highline (1.6.21)
    hpricot (0.8.6)
    megam_api (0.25)
      excon (~> 0.41)
      highline (~> 1.6)
      mixlib-config (~> 2.1)
      mixlib-log (~> 1.6)
      yajl-ruby (~> 1.2)
    mixlib-cli (1.5.0)
    mixlib-config (2.1.0)
    mixlib-log (1.6.0)
    mustache (0.99.7)
    rack (1.5.2)
    randexp (0.1.7)
    rdiscount (2.1.7.1)
    ronn (0.7.3)
      hpricot (>= 0.8.2)
      mustache (>= 0.7.0)
      rdiscount (>= 1.5.8)
    rspec (3.1.0)
      rspec-core (~> 3.1.0)
      rspec-expectations (~> 3.1.0)
      rspec-mocks (~> 3.1.0)
    rspec-core (3.1.7)
      rspec-support (~> 3.1.0)
    rspec-expectations (3.1.2)
      diff-lcs (>= 1.2.0, < 2.0)
      rspec-support (~> 3.1.0)
    rspec-mocks (3.1.3)
      rspec-support (~> 3.1.0)
    rspec-support (3.1.2)
    rubyzip (1.1.6)
    yajl-ruby (1.2.1)

PLATFORMS
  ruby

DEPENDENCIES
  meggy!
  rack (~> 1.5.2)
  ronn
  rspec
