PATH
  remote: .
  specs:
    nilam (0.1)
      launchy (>= 0.3.2)
      rest-client (~> 1.6.1)
      rubyzip

GEM
  remote: http://rubygems.org/
  specs:
    addressable (2.3.2)
    arr-pm (0.0.7)
      cabin (> 0)
    asciimo (0.2.0)
      therubyracer (>= 0.7.4)
    aws-s3 (0.6.3)
      builder
      mime-types
      xml-simple
    backports (2.3.0)
    builder (3.1.4)
    cabin (0.4.4)
      json
    clamp (0.5.0)
    crack (0.3.2)
    diff-lcs (1.1.3)
    fakefs (0.4.2)
    fpm (0.4.6)
      arr-pm (~> 0.0.7)
      backports (= 2.3.0)
      cabin (~> 0.4.3)
      clamp
      json
    json (1.7.6)
    launchy (2.1.2)
      addressable (~> 2.3)
    libv8 (3.11.8.13)
    mime-types (1.19)
    mixlib-cli (1.3.0)
    rack (1.5.1)
    rake (10.0.3)
    ref (1.0.2)
    rest-client (1.6.7)
      mime-types (>= 1.16)
    rr (1.0.4)
    rspec (2.12.0)
      rspec-core (~> 2.12.0)
      rspec-expectations (~> 2.12.0)
      rspec-mocks (~> 2.12.0)
    rspec-core (2.12.2)
    rspec-expectations (2.12.1)
      diff-lcs (~> 1.1.3)
    rspec-mocks (2.12.2)
    rubyzip (0.9.9)
    sequel (3.20.0)
    sinatra (1.0)
      rack (>= 1.0)
    taps (0.3.24)
      rack (>= 1.0.1)
      rest-client (>= 1.4.0, < 1.7.0)
      sequel (~> 3.20.0)
      sinatra (~> 1.0.0)
    therubyracer (0.11.3)
      libv8 (~> 3.11.8.12)
      ref
    webmock (1.9.0)
      addressable (>= 2.2.7)
      crack (>= 0.1.7)
    xml-simple (1.1.2)

PLATFORMS
  ruby

DEPENDENCIES
  asciimo
  aws-s3
  fakefs
  fpm
  jruby-openssl
  json
  mixlib-cli
  nilam!
  rake (>= 0.8.7)
  rr (~> 1.0.2)
  rspec (>= 2.0)
  rubyzip
  taps (>= 0.3.23)
  webmock
